GEM
  remote: http://rubygems.org/
  specs:
    activemodel (4.1.2)
      activesupport (= 4.1.2)
      builder (~> 3.1)
    activesupport (4.1.2)
      i18n (~> 0.6, >= 0.6.9)
      json (~> 1.7, >= 1.7.7)
      minitest (~> 5.1)
      thread_safe (~> 0.1)
      tzinfo (~> 1.1)
    bitstamp (0.3.0)
      activemodel (>= 3.1)
      activesupport (>= 3.1)
      curb (> 0.8.1)
      ruby-hmac (= 0.4.0)
    builder (3.2.2)
    curb (0.8.5)
    i18n (0.6.9)
    json (1.8.1)
    minitest (5.3.5)
    ruby-hmac (0.4.0)
    thread_safe (0.3.4)
    tzinfo (1.2.1)
      thread_safe (~> 0.1)

PLATFORMS
  ruby

DEPENDENCIES
  activemodel
  bitstamp
